PATH
  remote: .
  specs:
    faker (1.6.3)
      i18n (~> 0.5)

GEM
  remote: https://rubygems.org/
  specs:
    ansi (1.5.0)
    builder (3.2.2)
    i18n (0.7.0)
    minitest (5.8.3)
    minitest-reporters (1.1.8)
      ansi
      builder
      minitest (>= 5.0)
      ruby-progressbar
    rake (10.1.0)
    ruby-progressbar (1.7.5)

PLATFORMS
  ruby

DEPENDENCIES
  faker!
  minitest
  minitest-reporters
  rake

BUNDLED WITH
   1.11.2
