PATH
  remote: .
  specs:
    faker (1.4.3)
      i18n (~> 0.5)

GEM
  remote: http://rubygems.org/
  specs:
    i18n (0.6.9)
    minitest (5.4.3)
    rake (10.1.0)

PLATFORMS
  ruby

DEPENDENCIES
  faker!
  minitest
  rake
